GEM
  remote: https://rubygems.org/
  specs:
    directory_watcher (1.4.1)
    mustache (0.99.4)
    nokogiri (1.5.9)
    psych (1.3.4)
    rack (1.6.12)
    redcarpet (2.2.2)
    ruhoh (2.1)
      directory_watcher (~> 1.4.0)
      mustache (~> 0.99)
      nokogiri (~> 1.5)
      rack (~> 1.4)
      redcarpet (~> 2.1)

PLATFORMS
  ruby

DEPENDENCIES
  psych (~> 1.3)
  ruhoh (~> 2)
