GEM
  remote: https://rubygems.org/
  specs:
    directory_watcher (1.4.1)
    mini_portile2 (2.8.0)
    mustache (0.99.4)
    nokogiri (1.13.6)
      mini_portile2 (~> 2.8.0)
      racc (~> 1.4)
    psych (1.3.4)
    racc (1.6.0)
    rack (1.5.2)
    redcarpet (2.2.2)
    ruhoh (2.1)
      directory_watcher (~> 1.4.0)
      mustache (~> 0.99)
      nokogiri (~> 1.5)
      rack (~> 1.4)
      redcarpet (~> 2.1)

PLATFORMS
  ruby

DEPENDENCIES
  psych (~> 1.3)
  ruhoh (~> 2)
